GEM
  remote: https://rubygems.org/
  specs:
    ast (2.4.0)
    gitlab-styles (2.8.0)
      rubocop (~> 0.69.0)
      rubocop-gitlab-security (~> 0.1.0)
      rubocop-performance (~> 1.1.0)
      rubocop-rspec (~> 1.19)
    jaro_winkler (1.5.3)
    parallel (1.17.0)
    parser (2.6.3.0)
      ast (~> 2.4.0)
    rainbow (3.0.0)
    rubocop (0.69.0)
      jaro_winkler (~> 1.5.1)
      parallel (~> 1.10)
      parser (>= 2.6)
      rainbow (>= 2.2.2, < 4.0)
      ruby-progressbar (~> 1.7)
      unicode-display_width (>= 1.4.0, < 1.7)
    rubocop-gitlab-security (0.1.1)
      rubocop (>= 0.51)
    rubocop-performance (1.1.0)
      rubocop (>= 0.67.0)
    rubocop-rspec (1.35.0)
      rubocop (>= 0.60.0)
    ruby-progressbar (1.10.1)
    unicode-display_width (1.6.0)

PLATFORMS
  ruby

DEPENDENCIES
  gitlab-styles (~> 2.8)
  rubocop (~> 0.69.0)

BUNDLED WITH
   2.0.1
